PATH
  remote: .
  specs:
    vibes-rspec-rails23 (0.3.0)
      actionpack (~> 2.3.5)
      rspec (~> 2.13.0)
      vibes-rspec-rails23

GEM
  remote: http://rubygems.org/
  specs:
    actionpack (2.3.18)
      activesupport (= 2.3.18)
      rack (~> 1.1.0)
    activesupport (2.3.18)
    diff-lcs (1.2.1)
    git (1.2.5)
    jeweler (1.8.3)
      bundler (~> 1.0)
      git (>= 1.2.5)
      rake
      rdoc
    json (1.6.5)
    mocha (0.9.9)
      rake
    rack (1.1.6)
    rake (0.9.2.2)
    rdiscount (1.6.8)
    rdoc (3.12)
      json (~> 1.4)
    rspec (2.13.0)
      rspec-core (~> 2.13.0)
      rspec-expectations (~> 2.13.0)
      rspec-mocks (~> 2.13.0)
    rspec-core (2.13.1)
    rspec-expectations (2.13.0)
      diff-lcs (>= 1.1.3, < 2.0)
    rspec-mocks (2.13.0)
    sdoc (0.3.16)
      json (>= 1.1.3)
      rdoc (~> 3.10)
    sdoc-helpers (0.1.4)
      sdoc (~> 0.2)

PLATFORMS
  ruby

DEPENDENCIES
  jeweler (~> 1.8.3)
  mocha (= 0.9.9)
  rdiscount
  sdoc
  sdoc-helpers
  vibes-rspec-rails23!
